GEM
  remote: https://rubygems.org/
  specs:
    excon (0.16.4)
    heroku-api (0.3.5)
      excon (~> 0.16.1)

PLATFORMS
  ruby

DEPENDENCIES
  heroku-api
